GEM
  remote: https://rubygems.org/
  specs:
    google_places (0.32.0)
      httparty (~> 0.13.1)
    httparty (0.13.7)
      json (~> 1.8)
      multi_xml (>= 0.5.2)
    json (1.8.6)
    multi_xml (0.6.0)

PLATFORMS
  ruby

DEPENDENCIES
  google_places

BUNDLED WITH
   1.11.2
